GEM
  remote: https://rubygems.org/
  specs:
    airbrussh (1.0.1)
      sshkit (>= 1.6.1, != 1.7.0)
    aozora (0.2.0)
    binding_of_caller (0.7.2)
      debug_inspector (>= 0.0.1)
    byebug (8.2.5)
    capistrano (3.5.0)
      airbrussh (>= 1.0.0)
      capistrano-harrow
      i18n
      rake (>= 10.0.0)
      sshkit (>= 1.9.0)
    capistrano-harrow (0.5.1)
    coderay (1.1.1)
    debug_inspector (0.0.2)
    i18n (0.7.0)
    method_source (0.8.2)
    net-scp (1.2.1)
      net-ssh (>= 2.6.5)
    net-ssh (3.1.1)
    pry (0.10.3)
      coderay (~> 1.1.0)
      method_source (~> 0.8.1)
      slop (~> 3.4)
    pry-byebug (3.3.0)
      byebug (~> 8.0)
      pry (~> 0.10)
    pry-doc (0.8.0)
      pry (~> 0.9)
      yard (~> 0.8)
    pry-stack_explorer (0.4.9.2)
      binding_of_caller (>= 0.7)
      pry (>= 0.9.11)
    rake (11.1.2)
    slop (3.6.0)
    sshkit (1.10.0)
      net-scp (>= 1.1.2)
      net-ssh (>= 2.8.0)
    yard (0.8.7.6)

PLATFORMS
  ruby

DEPENDENCIES
  aozora
  capistrano
  pry
  pry-byebug
  pry-doc
  pry-stack_explorer

BUNDLED WITH
   1.10.6
